PATH
  remote: .
  specs:
    taskmapper-github (0.12.1)
      octokit (~> 2.1.2)
      taskmapper (~> 1.0)

GEM
  remote: https://rubygems.org/
  specs:
    activemodel (3.2.14)
      activesupport (= 3.2.14)
      builder (~> 3.0.0)
    activeresource (3.2.14)
      activemodel (= 3.2.14)
      activesupport (= 3.2.14)
    activesupport (3.2.14)
      i18n (~> 0.6, >= 0.6.4)
      multi_json (~> 1.0)
    addressable (2.3.5)
    builder (3.0.4)
    diff-lcs (1.2.4)
    fakeweb (1.3.0)
    faraday (0.8.8)
      multipart-post (~> 1.2.0)
    hashie (2.0.5)
    i18n (0.6.5)
    multi_json (1.8.0)
    multipart-post (1.2.0)
    octokit (2.1.2)
      sawyer (~> 0.5.0)
    rake (10.0.4)
    rspec (2.14.1)
      rspec-core (~> 2.14.0)
      rspec-expectations (~> 2.14.0)
      rspec-mocks (~> 2.14.0)
    rspec-core (2.14.5)
    rspec-expectations (2.14.3)
      diff-lcs (>= 1.1.3, < 2.0)
    rspec-mocks (2.14.3)
    sawyer (0.5.0)
      addressable (~> 2.3.5)
      faraday (~> 0.8, < 0.10)
    taskmapper (1.0.1)
      activeresource (~> 3.0)
      activesupport (~> 3.0)
      hashie (~> 2.0)

PLATFORMS
  ruby

DEPENDENCIES
  fakeweb (~> 1.3.0)
  rake
  rspec (~> 2.14.1)
  taskmapper-github!
